PATH
  remote: .
  specs:
    project_hanlon (3.0.1)
      base62 (~> 1.0)
      bzip2-ffi (~> 1.0)
      cassandra-driver (~> 2.1)
      colored (~> 1.2)
      daemons (~> 1.2)
      facter (~> 2.4)
      grape (~> 0.13.0)
      grape-swagger (~> 0.10.2)
      json (~> 1.8)
      logger (~> 1.2)
      mongo (~> 1.12)
      net-scp (~> 1.2)
      net-ssh (~> 3.0)
      pg (~> 0.18.4)
      puma (~> 2.15)
      rubyipmi (~> 0.10.0)
      rufus-scheduler (~> 3.1)
      uuid (~> 2.3)

GEM
  remote: http://rubygems.org/
  specs:
    CFPropertyList (2.2.8)
    activesupport (4.2.5)
      i18n (~> 0.7)
      json (~> 1.7, >= 1.7.7)
      minitest (~> 5.1)
      thread_safe (~> 0.3, >= 0.3.4)
      tzinfo (~> 1.1)
    axiom-types (0.1.1)
      descendants_tracker (~> 0.0.4)
      ice_nine (~> 0.11.0)
      thread_safe (~> 0.3, >= 0.3.1)
    base62 (1.0.0)
    bson (1.12.5)
    builder (3.2.2)
    bzip2-ffi (1.0.0)
      ffi (~> 1.0)
    cassandra-driver (2.1.5)
      ione (~> 1.2)
    coercible (1.0.0)
      descendants_tracker (~> 0.0.1)
    colored (1.2)
    daemons (1.2.3)
    descendants_tracker (0.0.4)
      thread_safe (~> 0.3, >= 0.3.1)
    diff-lcs (1.2.5)
    equalizer (0.0.11)
    facter (2.4.4)
      CFPropertyList (~> 2.2.6)
    ffi (1.9.10)
    grape (0.13.0)
      activesupport
      builder
      hashie (>= 2.1.0)
      multi_json (>= 1.3.2)
      multi_xml (>= 0.5.2)
      rack (>= 1.3.0)
      rack-accept
      rack-mount
      virtus (>= 1.0.0)
    grape-entity (0.4.8)
      activesupport
      multi_json (>= 1.3.2)
    grape-swagger (0.10.2)
      grape (>= 0.8.0)
      grape-entity
    hashie (3.4.3)
    i18n (0.7.0)
    ice_nine (0.11.1)
    ione (1.2.3)
    json (1.8.3)
    logger (1.2.8)
    macaddr (1.7.1)
      systemu (~> 2.6.2)
    minitest (5.8.3)
    mongo (1.12.5)
      bson (= 1.12.5)
    multi_json (1.11.2)
    multi_xml (0.5.5)
    net-scp (1.2.1)
      net-ssh (>= 2.6.5)
    net-ssh (3.0.1)
    pg (0.18.4)
    puma (2.15.3)
    rack (1.6.4)
    rack-accept (0.4.5)
      rack (>= 0.4)
    rack-mount (0.8.3)
      rack (>= 1.0.0)
    rspec (3.4.0)
      rspec-core (~> 3.4.0)
      rspec-expectations (~> 3.4.0)
      rspec-mocks (~> 3.4.0)
    rspec-core (3.4.1)
      rspec-support (~> 3.4.0)
    rspec-expectations (3.4.0)
      diff-lcs (>= 1.2.0, < 2.0)
      rspec-support (~> 3.4.0)
    rspec-mocks (3.4.0)
      diff-lcs (>= 1.2.0, < 2.0)
      rspec-support (~> 3.4.0)
    rspec-support (3.4.1)
    rubyipmi (0.10.0)
    rufus-scheduler (3.1.10)
    systemu (2.6.5)
    thread_safe (0.3.5)
    tzinfo (1.2.2)
      thread_safe (~> 0.1)
    uuid (2.3.8)
      macaddr (~> 1.0)
    virtus (1.0.5)
      axiom-types (~> 0.1)
      coercible (~> 1.0)
      descendants_tracker (~> 0.0, >= 0.0.3)
      equalizer (~> 0.0, >= 0.0.9)

PLATFORMS
  ruby

DEPENDENCIES
  project_hanlon!
  rspec (~> 3.4)
  rspec-expectations (~> 3.4)
  rspec-mocks (~> 3.4)
